GEM
  remote: https://rubygems.org/
  specs:
    cgi (0.4.2)
    erb (4.0.4)
      cgi (>= 0.3.3)
    nio4r (2.7.4)
    puma (6.6.0)
      nio4r (~> 2.0)

PLATFORMS
  ruby
  x86_64-linux

DEPENDENCIES
  erb
  puma

BUNDLED WITH
   2.6.2
